GEM
  remote: https://rubygems.org/
  specs:
    ansi (1.4.3)
    cuba (3.1.0)
      rack
    docile (1.1.2)
    minitest (4.7.5)
    multi_json (1.8.4)
    rack (1.5.2)
    rake (10.1.1)
    simplecov (0.8.2)
      docile (~> 1.1.0)
      multi_json
      simplecov-html (~> 0.8.0)
    simplecov-html (0.8.0)
    slim (2.0.1)
      temple (~> 0.6.6)
      tilt (>= 1.3.3, < 2.1)
    temple (0.6.7)
    tilt (1.4.1)
    turn (0.9.6)
      ansi

PLATFORMS
  ruby

DEPENDENCIES
  cuba
  minitest (~> 4.7)
  rake
  simplecov
  slim
  tilt
  turn (~> 0.9)
